GIT
  remote: https://github.com/bugsnag/maze-runner
  revision: 5a62c4d5efc1c8bf27465d3a01240e602a181cc2
  specs:
    bugsnag-maze-runner (1.0.0)
      cucumber (~> 3.1.0)
      cucumber-expressions (= 5.0.15)
      minitest (~> 5.0)
      rack (~> 2.0.0)
      rake (~> 12.3.0)
      test-unit (~> 3.2.0)

GEM
  remote: https://rubygems.org/
  specs:
    backports (3.11.3)
    browserstack-local (1.3.0)
    builder (3.2.3)
    childprocess (0.9.0)
      ffi (~> 1.0, >= 1.0.11)
    cucumber (3.1.0)
      builder (>= 2.1.2)
      cucumber-core (~> 3.1.0)
      cucumber-expressions (~> 5.0.4)
      cucumber-wire (~> 0.0.1)
      diff-lcs (~> 1.3)
      gherkin (~> 5.0)
      multi_json (>= 1.7.5, < 2.0)
      multi_test (>= 0.1.2)
    cucumber-core (3.1.0)
      backports (>= 3.8.0)
      cucumber-tag_expressions (~> 1.1.0)
      gherkin (>= 5.0.0)
    cucumber-expressions (5.0.15)
    cucumber-tag_expressions (1.1.1)
    cucumber-wire (0.0.1)
    curb (0.9.4)
    diff-lcs (1.3)
    ffi (1.9.23)
    gherkin (5.0.0)
    minitest (5.11.3)
    multi_json (1.13.1)
    multi_test (0.1.2)
    power_assert (1.1.1)
    rack (2.0.5)
    rake (12.3.1)
    rubyzip (1.2.1)
    selenium-webdriver (3.11.0)
      childprocess (~> 0.5)
      rubyzip (~> 1.2)
    test-unit (3.2.7)
      power_assert

PLATFORMS
  ruby

DEPENDENCIES
  browserstack-local
  bugsnag-maze-runner!
  curb
  selenium-webdriver (~> 3.11)

BUNDLED WITH
   1.16.1
